PATH
  remote: .
  specs:
    authenticated_api (0.3)
      activesupport
      rack

GEM
  remote: https://rubygems.org/
  specs:
    activemodel (3.2.13)
      activesupport (= 3.2.13)
      builder (~> 3.0.0)
    activeresource (3.2.13)
      activemodel (= 3.2.13)
      activesupport (= 3.2.13)
    activesupport (3.2.13)
      i18n (= 0.6.1)
      multi_json (~> 1.0)
    amatch (0.2.11)
      tins (~> 0.3)
    builder (3.0.4)
    curb (0.8.3)
    diff-lcs (1.2.4)
    fakeweb (1.3.0)
    i18n (0.6.1)
    mime-types (1.23)
    multi_json (1.7.3)
    rack (1.5.2)
    rack-test (0.6.2)
      rack (>= 1.0)
    rest-client (1.6.7)
      mime-types (>= 1.16)
    rspec (2.13.0)
      rspec-core (~> 2.13.0)
      rspec-expectations (~> 2.13.0)
      rspec-mocks (~> 2.13.0)
    rspec-core (2.13.1)
    rspec-expectations (2.13.0)
      diff-lcs (>= 1.1.3, < 2.0)
    rspec-mocks (2.13.1)
    tins (0.8.0)

PLATFORMS
  ruby

DEPENDENCIES
  activeresource
  amatch
  authenticated_api!
  curb
  fakeweb
  rack-test
  rest-client
  rspec
