PATH
  remote: .
  specs:
    authenticated_api (0.2.3)
      activesupport
      rack

GEM
  remote: http://rubygems.org/
  specs:
    activesupport (3.2.6)
      i18n (~> 0.6)
      multi_json (~> 1.0)
    amatch (0.2.10)
      tins (~> 0.3)
    curb (0.8.1)
    diff-lcs (1.1.3)
    fakeweb (1.3.0)
    i18n (0.6.0)
    mime-types (1.19)
    multi_json (1.3.6)
    rack (1.4.1)
    rack-test (0.6.1)
      rack (>= 1.0)
    rest-client (1.6.7)
      mime-types (>= 1.16)
    rspec (2.11.0)
      rspec-core (~> 2.11.0)
      rspec-expectations (~> 2.11.0)
      rspec-mocks (~> 2.11.0)
    rspec-core (2.11.1)
    rspec-expectations (2.11.1)
      diff-lcs (~> 1.1.3)
    rspec-mocks (2.11.1)
    tins (0.5.0)

PLATFORMS
  ruby

DEPENDENCIES
  amatch
  authenticated_api!
  curb
  fakeweb
  rack-test
  rest-client
  rspec
